GIT
  remote: https://github.com/SoftwareBrothers/active_skin.git
  revision: ce714442d2ae84705a652316610582dd28a33e01
  specs:
    active_skin (0.0.12)

GEM
  remote: https://rubygems.org/
  specs:
    aasm (5.0.8)
      concurrent-ruby (~> 1.0)
    actioncable (6.0.3.6)
      actionpack (= 6.0.3.6)
      nio4r (~> 2.0)
      websocket-driver (>= 0.6.1)
    actionmailbox (6.0.3.6)
      actionpack (= 6.0.3.6)
      activejob (= 6.0.3.6)
      activerecord (= 6.0.3.6)
      activestorage (= 6.0.3.6)
      activesupport (= 6.0.3.6)
      mail (>= 2.7.1)
    actionmailer (6.0.3.6)
      actionpack (= 6.0.3.6)
      actionview (= 6.0.3.6)
      activejob (= 6.0.3.6)
      mail (~> 2.5, >= 2.5.4)
      rails-dom-testing (~> 2.0)
    actionpack (6.0.3.6)
      actionview (= 6.0.3.6)
      activesupport (= 6.0.3.6)
      rack (~> 2.0, >= 2.0.8)
      rack-test (>= 0.6.3)
      rails-dom-testing (~> 2.0)
      rails-html-sanitizer (~> 1.0, >= 1.2.0)
    actiontext (6.0.3.6)
      actionpack (= 6.0.3.6)
      activerecord (= 6.0.3.6)
      activestorage (= 6.0.3.6)
      activesupport (= 6.0.3.6)
      nokogiri (>= 1.8.5)
    actionview (6.0.3.6)
      activesupport (= 6.0.3.6)
      builder (~> 3.1)
      erubi (~> 1.4)
      rails-dom-testing (~> 2.0)
      rails-html-sanitizer (~> 1.1, >= 1.2.0)
    active_material (1.4.2)
    active_model_serializers (0.10.12)
      actionpack (>= 4.1, < 6.2)
      activemodel (>= 4.1, < 6.2)
      case_transform (>= 0.2)
      jsonapi-renderer (>= 0.1.1.beta1, < 0.3)
    activeadmin (2.7.0)
      arbre (~> 1.2, >= 1.2.1)
      formtastic (~> 3.1)
      formtastic_i18n (~> 0.4)
      inherited_resources (~> 1.7)
      jquery-rails (~> 4.2)
      kaminari (~> 1.0, >= 1.0.1)
      railties (>= 5.2, < 6.1)
      ransack (~> 2.1, >= 2.1.1)
      sassc-rails (~> 2.1)
      sprockets (>= 3.0, < 4.1)
    activeadmin_addons (1.7.1)
      active_material
      railties
      require_all (~> 1.5)
      sass
      select2-rails (~> 4.0)
      xdan-datetimepicker-rails (~> 2.5.1)
    activejob (6.0.3.6)
      activesupport (= 6.0.3.6)
      globalid (>= 0.3.6)
    activemodel (6.0.3.6)
      activesupport (= 6.0.3.6)
    activerecord (6.0.3.6)
      activemodel (= 6.0.3.6)
      activesupport (= 6.0.3.6)
    activestorage (6.0.3.6)
      actionpack (= 6.0.3.6)
      activejob (= 6.0.3.6)
      activerecord (= 6.0.3.6)
      marcel (~> 1.0.0)
    activesupport (6.0.3.6)
      concurrent-ruby (~> 1.0, >= 1.0.2)
      i18n (>= 0.7, < 2)
      minitest (~> 5.1)
      tzinfo (~> 1.1)
      zeitwerk (~> 2.2, >= 2.2.2)
    addressable (2.7.0)
      public_suffix (>= 2.0.2, < 5.0)
    annotate (3.1.1)
      activerecord (>= 3.2, < 7.0)
      rake (>= 10.4, < 14.0)
    api-pagination (4.8.2)
    arbre (1.2.1)
      activesupport (>= 3.0.0)
    ast (2.4.0)
    aws-eventstream (1.1.0)
    aws-sdk (2.11.514)
      aws-sdk-resources (= 2.11.514)
    aws-sdk-core (2.11.514)
      aws-sigv4 (~> 1.0)
      jmespath (~> 1.0)
    aws-sdk-rails (1.0.1)
      aws-sdk-resources (~> 2)
      railties (>= 3)
    aws-sdk-resources (2.11.514)
      aws-sdk-core (= 2.11.514)
    aws-sigv4 (1.1.3)
      aws-eventstream (~> 1.0, >= 1.0.2)
    bcrypt (3.1.13)
    better_errors (2.7.1)
      coderay (>= 1.0.0)
      erubi (>= 1.0.0)
      rack (>= 0.9.0)
    binding_of_caller (0.8.0)
      debug_inspector (>= 0.0.1)
    bootsnap (1.4.6)
      msgpack (~> 1.0)
    builder (3.2.4)
    byebug (11.1.3)
    case_transform (0.2)
      activesupport
    coderay (1.1.2)
    coffee-rails (4.2.2)
      coffee-script (>= 2.2.0)
      railties (>= 4.0.0)
    coffee-script (2.4.1)
      coffee-script-source
      execjs
    coffee-script-source (1.12.2)
    concurrent-ruby (1.1.8)
    connection_pool (2.2.2)
    crass (1.0.6)
    data_migrate (6.3.0)
      rails (>= 5.0)
    debug_inspector (0.0.3)
    devise (4.7.1)
      bcrypt (~> 3.0)
      orm_adapter (~> 0.1)
      railties (>= 4.1.0)
      responders
      warden (~> 1.2.3)
    devise-i18n (1.9.1)
      devise (>= 4.7.1)
    diff-lcs (1.3)
    dotenv (2.7.5)
    dotenv-rails (2.7.5)
      dotenv (= 2.7.5)
      railties (>= 3.2, < 6.1)
    e2mmap (0.1.0)
    enumerize (2.3.1)
      activesupport (>= 3.2)
    erubi (1.10.0)
    et-orbi (1.2.4)
      tzinfo
    execjs (2.7.0)
    factory_bot (5.2.0)
      activesupport (>= 4.2.0)
    factory_bot_rails (5.2.0)
      factory_bot (~> 5.2.0)
      railties (>= 4.2.0)
    faker (2.11.0)
      i18n (>= 1.6, < 2)
    faraday (1.0.1)
      multipart-post (>= 1.2, < 3)
    ffi (1.12.2)
    font-awesome-rails (4.7.0.5)
      railties (>= 3.2, < 6.1)
    formatador (0.2.5)
    formtastic (3.1.5)
      actionpack (>= 3.2.13)
    formtastic_i18n (0.6.0)
    fugit (1.3.5)
      et-orbi (~> 1.1, >= 1.1.8)
      raabro (~> 1.1)
    globalid (0.4.2)
      activesupport (>= 4.2.0)
    guard (2.16.2)
      formatador (>= 0.2.4)
      listen (>= 2.7, < 4.0)
      lumberjack (>= 1.0.12, < 2.0)
      nenv (~> 0.1)
      notiffany (~> 0.0)
      pry (>= 0.9.12)
      shellany (~> 0.0)
      thor (>= 0.18.1)
    guard-compat (1.2.1)
    guard-rspec (4.7.3)
      guard (~> 2.1)
      guard-compat (~> 1.1)
      rspec (>= 2.99.0, < 4.0)
    has_scope (0.7.2)
      actionpack (>= 4.1)
      activesupport (>= 4.1)
    hashie (4.1.0)
    heroku-stage (0.4.0)
      rails
    i18n (1.8.9)
      concurrent-ruby (~> 1.0)
    inherited_resources (1.11.0)
      actionpack (>= 5.0, < 6.1)
      has_scope (~> 0.6)
      railties (>= 5.0, < 6.1)
      responders (>= 2, < 4)
    inline_svg (1.7.2)
      activesupport (>= 3.0)
      nokogiri (>= 1.6)
    jaro_winkler (1.5.4)
    jbuilder (2.10.0)
      activesupport (>= 5.0.0)
    jmespath (1.4.0)
    jquery-rails (4.4.0)
      rails-dom-testing (>= 1, < 3)
      railties (>= 4.2.0)
      thor (>= 0.14, < 2.0)
    json-schema (2.8.1)
      addressable (>= 2.4)
    jsonapi-renderer (0.2.2)
    jwt (2.2.1)
    kaminari (1.2.1)
      activesupport (>= 4.1.0)
      kaminari-actionview (= 1.2.1)
      kaminari-activerecord (= 1.2.1)
      kaminari-core (= 1.2.1)
    kaminari-actionview (1.2.1)
      actionview
      kaminari-core (= 1.2.1)
    kaminari-activerecord (1.2.1)
      activerecord
      kaminari-core (= 1.2.1)
    kaminari-core (1.2.1)
    launchy (2.5.0)
      addressable (~> 2.7)
    letter_opener (1.7.0)
      launchy (~> 2.2)
    listen (3.2.1)
      rb-fsevent (~> 0.10, >= 0.10.3)
      rb-inotify (~> 0.9, >= 0.9.10)
    loofah (2.9.0)
      crass (~> 1.0.2)
      nokogiri (>= 1.5.9)
    lumberjack (1.2.4)
    mail (2.7.1)
      mini_mime (>= 0.1.1)
    marcel (1.0.0)
    method_source (1.0.0)
    mini_mime (1.0.3)
    mini_portile2 (2.5.0)
    minitest (5.14.4)
    msgpack (1.3.3)
    multi_json (1.14.1)
    multi_xml (0.6.0)
    multipart-post (2.1.1)
    nenv (0.3.0)
    nio4r (2.5.7)
    nokogiri (1.11.2)
      mini_portile2 (~> 2.5.0)
      racc (~> 1.4)
    notiffany (0.1.3)
      nenv (~> 0.1)
      shellany (~> 0.0)
    oauth2 (1.4.4)
      faraday (>= 0.8, < 2.0)
      jwt (>= 1.0, < 3.0)
      multi_json (~> 1.3)
      multi_xml (~> 0.5)
      rack (>= 1.2, < 3)
    octicons (9.6.0)
      nokogiri (>= 1.6.3.1)
    octicons_helper (9.6.0)
      octicons (= 9.6.0)
      rails
    octokit (4.18.0)
      faraday (>= 0.9)
      sawyer (~> 0.8.0, >= 0.5.3)
    omniauth (1.9.1)
      hashie (>= 3.4.6)
      rack (>= 1.6.2, < 3)
    omniauth-github (1.4.0)
      omniauth (~> 1.5)
      omniauth-oauth2 (>= 1.4.0, < 2.0)
    omniauth-oauth2 (1.6.0)
      oauth2 (~> 1.1)
      omniauth (~> 1.9)
    orm_adapter (0.5.0)
    parallel (1.19.1)
    parser (2.7.1.2)
      ast (~> 2.4.0)
    pg (1.2.3)
    polyamorous (2.3.2)
      activerecord (>= 5.2.1)
    power-types (0.3.1)
    power_api (0.2.0)
      active_model_serializers (~> 0.10.0)
      api-pagination
      kaminari
      rails (>= 4.2.0)
      ransack
      responders
      rswag-api
      rswag-ui
      simple_token_authentication (~> 1.0)
      versionist (~> 1.0)
    pry (0.13.1)
      coderay (~> 1.1)
      method_source (~> 1.0)
    pry-byebug (3.9.0)
      byebug (~> 11.0)
      pry (~> 0.13.0)
    pry-rails (0.3.9)
      pry (>= 0.10.4)
    public_suffix (4.0.5)
    puma (4.3.8)
      nio4r (~> 2.0)
    pundit (2.1.0)
      activesupport (>= 3.0.0)
    raabro (1.3.1)
    racc (1.5.2)
    rack (2.2.3)
    rack-cors (1.1.1)
      rack (>= 2.0.0)
    rack-livereload (0.3.17)
      rack
    rack-protection (2.0.8.1)
      rack
    rack-proxy (0.6.5)
      rack
    rack-test (1.1.0)
      rack (>= 1.0, < 3)
    rack-timeout (0.6.0)
    rails (6.0.3.6)
      actioncable (= 6.0.3.6)
      actionmailbox (= 6.0.3.6)
      actionmailer (= 6.0.3.6)
      actionpack (= 6.0.3.6)
      actiontext (= 6.0.3.6)
      actionview (= 6.0.3.6)
      activejob (= 6.0.3.6)
      activemodel (= 6.0.3.6)
      activerecord (= 6.0.3.6)
      activestorage (= 6.0.3.6)
      activesupport (= 6.0.3.6)
      bundler (>= 1.3.0)
      railties (= 6.0.3.6)
      sprockets-rails (>= 2.0.0)
    rails-controller-testing (1.0.4)
      actionpack (>= 5.0.1.x)
      actionview (>= 5.0.1.x)
      activesupport (>= 5.0.1.x)
    rails-dom-testing (2.0.3)
      activesupport (>= 4.2.0)
      nokogiri (>= 1.6)
    rails-html-sanitizer (1.3.0)
      loofah (~> 2.3)
    rails-i18n (6.0.0)
      i18n (>= 0.7, < 2)
      railties (>= 6.0.0, < 7)
    rails_stdout_logging (0.0.5)
    railties (6.0.3.6)
      actionpack (= 6.0.3.6)
      activesupport (= 6.0.3.6)
      method_source
      rake (>= 0.8.7)
      thor (>= 0.20.3, < 2.0)
    rainbow (3.0.0)
    rake (13.0.3)
    ransack (2.3.2)
      activerecord (>= 5.2.1)
      activesupport (>= 5.2.1)
      i18n
      polyamorous (= 2.3.2)
    rb-fsevent (0.10.4)
    rb-inotify (0.10.1)
      ffi (~> 1.0)
    recipient_interceptor (0.2.0)
      mail
    recursive-open-struct (1.1.1)
    redis (4.1.4)
    redis-namespace (1.7.0)
      redis (>= 3.0.4)
    require_all (1.5.0)
    responders (3.0.0)
      actionpack (>= 5.0)
      railties (>= 5.0)
    rexml (3.2.4)
    rspec (3.9.0)
      rspec-core (~> 3.9.0)
      rspec-expectations (~> 3.9.0)
      rspec-mocks (~> 3.9.0)
    rspec-core (3.9.2)
      rspec-support (~> 3.9.3)
    rspec-expectations (3.9.2)
      diff-lcs (>= 1.2.0, < 2.0)
      rspec-support (~> 3.9.0)
    rspec-mocks (3.9.1)
      diff-lcs (>= 1.2.0, < 2.0)
      rspec-support (~> 3.9.0)
    rspec-nc (0.3.0)
      rspec (>= 3)
      terminal-notifier (>= 1.4)
    rspec-rails (4.0.1)
      actionpack (>= 4.2)
      activesupport (>= 4.2)
      railties (>= 4.2)
      rspec-core (~> 3.9)
      rspec-expectations (~> 3.9)
      rspec-mocks (~> 3.9)
      rspec-support (~> 3.9)
    rspec-support (3.9.3)
    rspec_junit_formatter (0.2.2)
      builder (< 4)
      rspec-core (>= 2, < 4, != 2.12.0)
    rswag-api (2.4.0)
      railties (>= 3.1, < 7.0)
    rswag-specs (2.4.0)
      activesupport (>= 3.1, < 7.0)
      json-schema (~> 2.2)
      railties (>= 3.1, < 7.0)
    rswag-ui (2.4.0)
      actionpack (>= 3.1, < 7.0)
      railties (>= 3.1, < 7.0)
    rubocop (0.82.0)
      jaro_winkler (~> 1.5.1)
      parallel (~> 1.10)
      parser (>= 2.7.0.1)
      rainbow (>= 2.2.2, < 4.0)
      rexml
      ruby-progressbar (~> 1.7)
      unicode-display_width (>= 1.4.0, < 2.0)
    rubocop-performance (1.6.0)
      rubocop (>= 0.71.0)
    rubocop-rails (2.4.2)
      rack (>= 1.1)
      rubocop (>= 0.72.0)
    rubocop-rspec (1.38.1)
      rubocop (>= 0.68.1)
    ruby-progressbar (1.10.1)
    rufus-scheduler (3.6.0)
      fugit (~> 1.1, >= 1.1.6)
    sass (3.7.4)
      sass-listen (~> 4.0.0)
    sass-listen (4.0.0)
      rb-fsevent (~> 0.9, >= 0.9.4)
      rb-inotify (~> 0.9, >= 0.9.7)
    sass-rails (6.0.0)
      sassc-rails (~> 2.1, >= 2.1.1)
    sassc (2.3.0)
      ffi (~> 1.9)
    sassc-rails (2.1.2)
      railties (>= 4.0.0)
      sassc (>= 2.0)
      sprockets (> 3.0)
      sprockets-rails
      tilt
    sawyer (0.8.2)
      addressable (>= 2.3.5)
      faraday (> 0.8, < 2.0)
    select2-rails (4.0.3)
      thor (~> 0.14)
    sentry-raven (3.0.0)
      faraday (>= 1.0)
    shellany (0.0.1)
    shoulda-matchers (4.3.0)
      activesupport (>= 4.2.0)
    sidekiq (6.0.7)
      connection_pool (>= 2.2.2)
      rack (~> 2.0)
      rack-protection (>= 2.0.0)
      redis (>= 4.1.0)
    sidekiq-limit_fetch (3.4.0)
      sidekiq (>= 4)
    sidekiq-scheduler (3.0.1)
      e2mmap
      redis (>= 3, < 5)
      rufus-scheduler (~> 3.2)
      sidekiq (>= 3)
      thwait
      tilt (>= 1.4.0)
    simple_token_authentication (1.17.0)
      actionmailer (>= 3.2.6, < 7)
      actionpack (>= 3.2.6, < 7)
      devise (>= 3.2, < 6)
    spring (2.1.0)
    sprockets (4.0.2)
      concurrent-ruby (~> 1.0)
      rack (> 1, < 3)
    sprockets-rails (3.2.2)
      actionpack (>= 4.0)
      activesupport (>= 4.0)
      sprockets (>= 3.0.0)
    strong_migrations (0.6.8)
      activerecord (>= 5)
    terminal-notifier (2.0.0)
    thor (0.20.3)
    thread_safe (0.3.6)
    thwait (0.1.0)
    tilt (2.0.10)
    timecop (0.9.1)
    turbolinks (5.2.1)
      turbolinks-source (~> 5.2)
    turbolinks-source (5.2.0)
    tzinfo (1.2.9)
      thread_safe (~> 0.1)
    tzinfo-data (1.2020.1)
      tzinfo (>= 1.0.0)
    uglifier (4.2.0)
      execjs (>= 0.3.0, < 3)
    unicode-display_width (1.7.0)
    uuidtools (2.1.5)
    versionist (1.7.0)
      activesupport (>= 3)
      railties (>= 3)
      yard (~> 0.9.11)
    warden (1.2.8)
      rack (>= 2.0.6)
    webpacker (4.2.2)
      activesupport (>= 4.2)
      rack-proxy (>= 0.6.1)
      railties (>= 4.2)
    websocket-driver (0.7.3)
      websocket-extensions (>= 0.1.0)
    websocket-extensions (0.1.5)
    xdan-datetimepicker-rails (2.5.4)
      jquery-rails
      rails (>= 3.2.16)
    yard (0.9.26)
    zeitwerk (2.4.2)

PLATFORMS
  ruby

DEPENDENCIES
  aasm
  active_skin!
  activeadmin (~> 2.6)
  activeadmin_addons
  annotate (~> 3.0)
  aws-sdk (~> 2.5)
  aws-sdk-rails
  better_errors
  binding_of_caller
  bootsnap
  coffee-rails (~> 4.2)
  data_migrate
  devise
  devise-i18n
  dotenv-rails
  enumerize
  factory_bot_rails
  faker
  font-awesome-rails
  guard-rspec
  heroku-stage
  inline_svg
  jbuilder (~> 2.7)
  letter_opener
  listen
  octicons_helper
  octokit
  omniauth
  omniauth-github
  pg
  power-types
  power_api
  pry-byebug
  pry-rails
  puma (~> 4.3)
  pundit
  rack-cors (~> 1.1)
  rack-livereload
  rack-timeout
  rails (~> 6.0.3, >= 6.0.3.6)
  rails-controller-testing
  rails-i18n
  rails_stdout_logging
  recipient_interceptor
  recursive-open-struct
  redis
  redis-namespace
  rspec-nc
  rspec-rails
  rspec_junit_formatter (= 0.2.2)
  rswag-specs
  rubocop (~> 0.82.0)
  rubocop-performance
  rubocop-rails (~> 2.4.2)
  rubocop-rspec (~> 1.38.0)
  sass-rails (>= 6)
  sentry-raven
  shoulda-matchers
  sidekiq
  sidekiq-limit_fetch
  sidekiq-scheduler (>= 3.0.1)
  spring
  strong_migrations
  timecop
  turbolinks (~> 5)
  tzinfo-data
  uglifier (>= 1.3.0)
  uuidtools
  webpacker (~> 4.0)

BUNDLED WITH
   2.2.15
